GEM
  specs:
    json (2.1.0)
    mini_portile2 (2.4.0)
    nokogiri (1.10.9)
      mini_portile2 (~> 2.4.0)

PLATFORMS
  ruby

DEPENDENCIES
  json
  nokogiri

BUNDLED WITH
   1.17.2
